GIT
  remote: https://github.com/tablexi/capistrano3-unicorn.git
  revision: a989277909d1ff2fed424f8144ac97cccdf4fc00
  branch: master
  specs:
    capistrano3-unicorn (0.2.1)
      capistrano (~> 3.1, >= 3.1.0)

GEM
  remote: https://rubygems.org/
  specs:
    airbrussh (1.3.0)
      sshkit (>= 1.6.1, != 1.7.0)
    builder (3.2.3)
    capistrano (3.9.1)
      airbrussh (>= 1.0.0)
      i18n
      rake (>= 10.0.0)
      sshkit (>= 1.9.0)
    capistrano-bundler (1.3.0)
      capistrano (~> 3.1)
      sshkit (~> 1.2)
    capistrano-rails (1.3.0)
      capistrano (~> 3.1)
      capistrano-bundler (~> 1.1)
    coderay (1.1.2)
    i18n (0.8.6)
    method_source (0.9.0)
    net-scp (1.2.1)
      net-ssh (>= 2.6.5)
    net-ssh (4.2.0)
    pry (0.11.1)
      coderay (~> 1.1.0)
      method_source (~> 0.9.0)
    rake (12.1.0)
    sitemap_generator (5.3.1)
      builder (~> 3.0)
    slackistrano (3.8.2)
      capistrano (>= 3.8.1)
    sshkit (1.14.0)
      net-scp (>= 1.1.2)
      net-ssh (>= 2.8.0)

PLATFORMS
  ruby

DEPENDENCIES
  capistrano (= 3.9.1)
  capistrano-bundler
  capistrano-rails
  capistrano3-unicorn!
  pry
  sitemap_generator
  slackistrano

BUNDLED WITH
   1.16.1
